GEM
  remote: https://rubygems.org/
  specs:
    bindata (1.4.5)
    ffi (1.1.1)
    ffi (1.1.1-x86-mingw32)
    guard (1.0.0)
      ffi (>= 0.5.0)
      thor (~> 0.14.6)
    guard-bundler (0.1.3)
      bundler (>= 1.0.0)
      guard (>= 0.2.2)
    guard-test (0.4.3)
      guard (>= 0.4)
      test-unit (~> 2.2)
    json (1.7.6)
    mynyml-redgreen (0.7.1)
      term-ansicolor (>= 1.0.4)
    rb-fchange (0.0.5)
      ffi
    rb-fsevent (0.9.2)
    rb-inotify (0.8.8)
      ffi (>= 0.5.0)
    term-ansicolor (1.0.7)
    test-unit (2.5.1)
    thor (0.14.6)

PLATFORMS
  ruby
  x86-mingw32

DEPENDENCIES
  bindata
  guard (= 1.0.0)
  guard-bundler (= 0.1.3)
  guard-test (= 0.4.3)
  json (= 1.7.6)
  mynyml-redgreen
  rb-fchange
  rb-fsevent
  rb-inotify
