GEM
  specs:
    bindata (1.4.5)
    ffi (1.1.1)
    guard (1.0.0)
      ffi (>= 0.5.0)
      thor (~> 0.14.6)
    guard-bundler (0.1.3)
      bundler (>= 1.0.0)
      guard (>= 0.2.2)
    guard-test (0.4.3)
      guard (>= 0.4)
      test-unit (~> 2.2)
    json (1.7.5)
    multi_json (1.3.7)
    mynyml-redgreen (0.7.1)
      term-ansicolor (>= 1.0.4)
    rake (10.0.2)
    rb-fchange (0.0.5)
      ffi
    rb-fsevent (0.9.2)
    rb-inotify (0.8.8)
      ffi (>= 0.5.0)
    simplecov (0.7.1)
      multi_json (~> 1.0)
      simplecov-html (~> 0.7.1)
    simplecov-html (0.7.1)
    term-ansicolor (1.0.7)
    terminal-notifier-guard (1.5.3)
    test-unit (2.5.1)
    thor (0.14.6)

PLATFORMS
  ruby

DEPENDENCIES
  bindata
  guard (= 1.0.0)
  guard-bundler (= 0.1.3)
  guard-test (= 0.4.3)
  json
  mynyml-redgreen
  rake
  rb-fchange
  rb-fsevent
  rb-inotify
  simplecov
  terminal-notifier-guard
